GEM
  remote: https://rubygems.org/
  specs:
    builder (3.2.4)
    coderay (1.1.3)
    cucumber (2.99.0)
      builder (>= 2.1.2)
      cucumber-core (~> 1.5.0)
      cucumber-wire (~> 0.0.1)
      diff-lcs (>= 1.1.3)
      gherkin (~> 4.0)
      multi_json (>= 1.7.5, < 2.0)
      multi_test (>= 0.1.2)
    cucumber-core (1.5.0)
      gherkin (~> 4.0)
    cucumber-wire (0.0.1)
    diff-lcs (1.4.4)
    gherkin (4.1.3)
    method_source (1.0.0)
    multi_json (1.15.0)
    multi_test (0.1.2)
    parallel (1.19.2)
    parallel_cucumber (0.2.21)
      cucumber (~> 2)
      parallel (~> 1.12)
      redis (~> 4.0)
    pry (0.13.1)
      coderay (~> 1.1)
      method_source (~> 1.0)
    rake (13.0.1)
    redis (4.2.2)

PLATFORMS
  ruby

DEPENDENCIES
  cucumber (= 2.99.0)
  parallel_cucumber
  pry
  rake

BUNDLED WITH
   2.1.4
